GEM
  remote: https://rubygems.org/
  specs:
    base64 (0.2.0)
    bundler-audit (0.9.2)
      bundler (>= 1.2.0, < 3)
      thor (~> 1.0)
    decisiontree (0.5.0)
    diff-lcs (1.6.1)
    gosu (1.4.6)
    minitest (5.25.5)
    prometheus-client (4.2.4)
      base64
    rspec (3.13.0)
      rspec-core (~> 3.13.0)
      rspec-expectations (~> 3.13.0)
      rspec-mocks (~> 3.13.0)
    rspec-core (3.13.3)
      rspec-support (~> 3.13.0)
    rspec-expectations (3.13.4)
      diff-lcs (>= 1.2.0, < 2.0)
      rspec-support (~> 3.13.0)
    rspec-mocks (3.13.4)
      diff-lcs (>= 1.2.0, < 2.0)
      rspec-support (~> 3.13.0)
    rspec-support (3.13.3)
    thor (1.3.2)
    webrick (1.9.1)

PLATFORMS
  x64-mingw-ucrt

DEPENDENCIES
  bundler-audit (~> 0.9.2)
  decisiontree (~> 0.5.0)
  gosu (~> 1.4.6)
  minitest (~> 5.0)
  prometheus-client
  rspec (~> 3.13.0)
  webrick

BUNDLED WITH
   2.6.8
