GEM
  remote: https://rubygems.org/
  specs:
    base64 (0.2.0)
    bundler-audit (0.9.2)
      bundler (>= 1.2.0, < 3)
      thor (~> 1.0)
    iconv (1.0.8)
    json (2.6.3)
    prometheus-client (4.2.4)
      base64
    thor (1.3.2)
    webrick (1.9.1)

PLATFORMS
  x64-mingw-ucrt

DEPENDENCIES
  bundler-audit (~> 0.9.2)
  iconv (~> 1.0.4)
  json (~> 2.6.0)
  prometheus-client
  webrick

BUNDLED WITH
   2.6.8
