GEM
  remote: https://rubygems.org/
  specs:
    base64 (0.2.0)
    bundler-audit (0.9.2)
      bundler (>= 1.2.0, < 3)
      thor (~> 1.0)
    prometheus-client (4.2.4)
      base64
    rspec-core (3.13.3)
      rspec-support (~> 3.13.0)
    rspec-support (3.13.3)
    rspec_junit_formatter (0.6.0)
      rspec-core (>= 2, < 4, != 2.12.0)
    thor (1.3.2)
    webrick (1.9.1)

PLATFORMS
  x64-mingw-ucrt

DEPENDENCIES
  bundler-audit (~> 0.9.2)
  prometheus-client
  rspec_junit_formatter (~> 0.6.0)
  webrick

BUNDLED WITH
   2.6.8
