GEM
  remote: https://rubygems.org/
  specs:
    bigdecimal (3.1.9)
    builder (3.3.0)
    cucumber (0.7.3)
      builder (>= 2.1.2)
      diff-lcs (>= 1.1.2)
      gherkin (>= 1.0.27)
      json_pure (>= 1.2.4)
      term-ansicolor (>= 1.0.4)
    cucumber-json (0.0.2)
      cucumber (~> 0.7.3)
      json_pure (~> 1.4.3)
    cucumber-messages (8.0.0)
      google-protobuf (>= 3.2, <= 3.8)
      json (~> 2.2, >= 2.2.0)
    diff-lcs (1.6.2)
    gherkin (9.0.0)
      cucumber-messages (~> 8.0, >= 8.0.0)
    google-protobuf (3.8.0)
    json (2.12.0)
    json_pure (1.4.6)
    sync (0.5.0)
    term-ansicolor (1.11.2)
      tins (~> 1.0)
    tins (1.38.0)
      bigdecimal
      sync

PLATFORMS
  x64-mingw-ucrt

DEPENDENCIES
  cucumber-json (~> 0.0.2)

BUNDLED WITH
   2.6.8
