GEM
  remote: https://rubygems.org/
  specs:
    base64 (0.2.0)
    bigdecimal (3.1.9)
    builder (3.3.0)
    bundler-audit (0.9.2)
      bundler (>= 1.2.0, < 3)
      thor (~> 1.0)
    cucumber (0.7.3)
      builder (>= 2.1.2)
      diff-lcs (>= 1.1.2)
      gherkin (>= 1.0.27)
      json_pure (>= 1.2.4)
      term-ansicolor (>= 1.0.4)
    cucumber-json (0.0.2)
      cucumber (~> 0.7.3)
      json_pure (~> 1.4.3)
    cucumber-messages (8.0.0)
      google-protobuf (>= 3.2, <= 3.8)
      json (~> 2.2, >= 2.2.0)
    diff-lcs (1.6.2)
    gherkin (9.0.0)
      cucumber-messages (~> 8.0, >= 8.0.0)
    google-protobuf (3.8.0)
    json (2.6.3)
    json_pure (1.4.6)
    prometheus-client (4.2.4)
      base64
    rspec-core (3.13.3)
      rspec-support (~> 3.13.0)
    rspec-support (3.13.3)
    rspec_junit_formatter (0.6.0)
      rspec-core (>= 2, < 4, != 2.12.0)
    sync (0.5.0)
    term-ansicolor (1.11.2)
      tins (~> 1.0)
    thor (1.3.2)
    tins (1.38.0)
      bigdecimal
      sync
    webrick (1.9.1)

PLATFORMS
  x64-mingw-ucrt

DEPENDENCIES
  bundler-audit (~> 0.9.2)
  cucumber-json (~> 0.0.2)
  prometheus-client
  rspec_junit_formatter (~> 0.6.0)
  webrick

BUNDLED WITH
   2.6.8
