GEM
  remote: https://rubygems.org/
  specs:
    bigdecimal (3.1.9)
    builder (3.3.0)
    bundler-audit (0.9.2)
      bundler (>= 1.2.0, < 3)
      thor (~> 1.0)
    cucumber (0.7.3)
      builder (>= 2.1.2)
      diff-lcs (>= 1.1.2)
      gherkin (>= 1.0.27)
      json_pure (>= 1.2.4)
      term-ansicolor (>= 1.0.4)
    cucumber-json (0.0.2)
      cucumber (~> 0.7.3)
      json_pure (~> 1.4.3)
    cucumber-messages (8.0.0)
      google-protobuf (>= 3.2, <= 3.8)
      json (~> 2.2, >= 2.2.0)
    decisiontree (0.5.0)
    diff-lcs (1.6.1)
    gherkin (9.0.0)
      cucumber-messages (~> 8.0, >= 8.0.0)
    google-protobuf (3.8.0)
    gosu (1.4.6)
    iconv (1.0.8)
    json (2.6.3)
    json_pure (1.4.6)
    rake (13.2.1)
    rspec (3.13.0)
      rspec-core (~> 3.13.0)
      rspec-expectations (~> 3.13.0)
      rspec-mocks (~> 3.13.0)
    rspec-core (3.13.3)
      rspec-support (~> 3.13.0)
    rspec-expectations (3.13.4)
      diff-lcs (>= 1.2.0, < 2.0)
      rspec-support (~> 3.13.0)
    rspec-mocks (3.13.4)
      diff-lcs (>= 1.2.0, < 2.0)
      rspec-support (~> 3.13.0)
    rspec-support (3.13.3)
    rspec_junit_formatter (0.6.0)
      rspec-core (>= 2, < 4, != 2.12.0)
    sync (0.5.0)
    term-ansicolor (1.11.2)
      tins (~> 1.0)
    thor (1.3.2)
    tins (1.38.0)
      bigdecimal
      sync

PLATFORMS
  x64-mingw-ucrt

DEPENDENCIES
  bundler-audit (~> 0.9.2)
  cucumber (~> 0.7.3)
  cucumber-json (~> 0.0.2)
  decisiontree (~> 0.5.0)
  gosu (~> 1.4.6)
  iconv (~> 1.0.4)
  json (~> 2.6.0)
  rake (~> 13.2.1)
  rspec (~> 3.13.0)
  rspec_junit_formatter (~> 0.6.0)

BUNDLED WITH
   2.6.8
